PATH
  remote: ../cukewrapper
  specs:
    cukewrapper (0.1.0)

GEM
  remote: https://rubygems.org/
  specs:
    builder (3.2.4)
    concurrent-ruby (1.1.9)
    cucumber (7.1.0)
      builder (~> 3.2, >= 3.2.4)
      cucumber-core (~> 10.1, >= 10.1.0)
      cucumber-create-meta (~> 6.0, >= 6.0.1)
      cucumber-cucumber-expressions (~> 14.0, >= 14.0.0)
      cucumber-gherkin (~> 22.0, >= 22.0.0)
      cucumber-html-formatter (~> 17.0, >= 17.0.0)
      cucumber-messages (~> 17.1, >= 17.1.1)
      cucumber-wire (~> 6.2, >= 6.2.0)
      diff-lcs (~> 1.4, >= 1.4.4)
      mime-types (~> 3.3, >= 3.3.1)
      multi_test (~> 0.1, >= 0.1.2)
      sys-uname (~> 1.2, >= 1.2.2)
    cucumber-core (10.1.0)
      cucumber-gherkin (~> 22.0, >= 22.0.0)
      cucumber-messages (~> 17.1, >= 17.1.1)
      cucumber-tag-expressions (~> 4.0, >= 4.0.2)
    cucumber-create-meta (6.0.2)
      cucumber-messages (~> 17.1, >= 17.1.1)
      sys-uname (~> 1.2, >= 1.2.2)
    cucumber-cucumber-expressions (14.0.0)
    cucumber-gherkin (22.0.0)
      cucumber-messages (~> 17.1, >= 17.1.1)
    cucumber-html-formatter (17.0.0)
      cucumber-messages (~> 17.1, >= 17.1.0)
    cucumber-messages (17.1.1)
    cucumber-tag-expressions (4.1.0)
    cucumber-wire (6.2.0)
      cucumber-core (~> 10.1, >= 10.1.0)
      cucumber-cucumber-expressions (~> 14.0, >= 14.0.0)
      cucumber-messages (~> 17.1, >= 17.1.1)
    diff-lcs (1.4.4)
    faker (2.19.0)
      i18n (>= 1.6, < 2)
    ffi (1.15.4-x64-mingw32)
    i18n (1.8.10)
      concurrent-ruby (~> 1.0)
    json (2.6.1)
    jsonpath (1.1.0)
      multi_json
    mime-types (3.3.1)
      mime-types-data (~> 3.2015)
    mime-types-data (3.2021.0901)
    multi_json (1.15.0)
    multi_test (0.1.2)
    sys-uname (1.2.2)
      ffi (~> 1.1)

PLATFORMS
  x64-mingw32

DEPENDENCIES
  cucumber
  cukewrapper!
  faker
  json
  jsonpath

BUNDLED WITH
   2.1.4
