PATH
  remote: ../../cukewrapper_data
  specs:
    cukewrapper_data (0.1.0)
      json (~> 2.0)

PATH
  remote: ../../cukewrapper_functionize
  specs:
    cukewrapper_functionize (0.3.0.unified.config)
      httparty (~> 0.0)
      json (~> 2.0)

PATH
  remote: ../../cukewrapper_rapidapi
  specs:
    cukewrapper_rapidapi (0.3.0.unified.config)
      httparty (~> 0.0)
      json (~> 2.0)

PATH
  remote: ..
  specs:
    cukewrapper (0.3.0.unified.config)
      cucumber (~> 7.0)

GEM
  remote: https://rubygems.org/
  specs:
    builder (3.2.4)
    cucumber (7.1.0)
      builder (~> 3.2, >= 3.2.4)
      cucumber-core (~> 10.1, >= 10.1.0)
      cucumber-create-meta (~> 6.0, >= 6.0.1)
      cucumber-cucumber-expressions (~> 14.0, >= 14.0.0)
      cucumber-gherkin (~> 22.0, >= 22.0.0)
      cucumber-html-formatter (~> 17.0, >= 17.0.0)
      cucumber-messages (~> 17.1, >= 17.1.1)
      cucumber-wire (~> 6.2, >= 6.2.0)
      diff-lcs (~> 1.4, >= 1.4.4)
      mime-types (~> 3.3, >= 3.3.1)
      multi_test (~> 0.1, >= 0.1.2)
      sys-uname (~> 1.2, >= 1.2.2)
    cucumber-core (10.1.1)
      cucumber-gherkin (~> 22.0, >= 22.0.0)
      cucumber-messages (~> 17.1, >= 17.1.1)
      cucumber-tag-expressions (~> 4.1, >= 4.1.0)
    cucumber-create-meta (6.0.4)
      cucumber-messages (~> 17.1, >= 17.1.1)
      sys-uname (~> 1.2, >= 1.2.2)
    cucumber-cucumber-expressions (14.0.0)
    cucumber-gherkin (22.0.0)
      cucumber-messages (~> 17.1, >= 17.1.1)
    cucumber-html-formatter (17.0.0)
      cucumber-messages (~> 17.1, >= 17.1.0)
    cucumber-messages (17.1.1)
    cucumber-tag-expressions (4.1.0)
    cucumber-wire (6.2.1)
      cucumber-core (~> 10.1, >= 10.1.0)
      cucumber-cucumber-expressions (~> 14.0, >= 14.0.0)
    cuke_modeler (3.15.0)
      cucumber-gherkin (< 23.0)
    diff-lcs (1.5.0)
    ffi (1.15.5)
    httparty (0.20.0)
      mime-types (~> 3.0)
      multi_xml (>= 0.5.2)
    json (2.6.1)
    mime-types (3.4.1)
      mime-types-data (~> 3.2015)
    mime-types-data (3.2021.1115)
    multi_test (0.1.2)
    multi_xml (0.6.0)
    parallel (1.21.0)
    parallel_tests (3.7.3)
      parallel
    sys-uname (1.2.3)
      ffi (~> 1.1)

PLATFORMS
  ruby
  x64-mingw32

DEPENDENCIES
  cuke_modeler (~> 3.0)
  cukewrapper!
  cukewrapper_data!
  cukewrapper_functionize!
  cukewrapper_rapidapi!
  parallel_tests

BUNDLED WITH
   2.2.22
